GEM
  remote: http://rubygems.org/
  specs:
    net-scp (1.0.4)
      net-ssh (>= 1.99.1)
    net-ssh (2.6.1)
    nokogiri (1.5.5)

PLATFORMS
  ruby

DEPENDENCIES
  bundler
  net-scp
  net-ssh
  nokogiri
