PATH
  remote: .
  specs:
    pushwagner (0.0.2.2)
      colorize (~> 0.7)
      net-scp (~> 1.2, >= 1.2.1)
      net-ssh (~> 3.1, >= 3.1.1)
      nokogiri (~> 1.6, >= 1.6.7)

GEM
  remote: https://rubygems.org/
  specs:
    coderay (1.1.1)
    colorize (0.7.7)
    diff-lcs (1.2.5)
    method_source (0.8.2)
    mini_portile2 (2.0.0)
    net-scp (1.2.1)
      net-ssh (>= 2.6.5)
    net-ssh (3.1.1)
    nokogiri (1.6.7.2)
      mini_portile2 (~> 2.0.0.rc2)
    pry (0.10.3)
      coderay (~> 1.1.0)
      method_source (~> 0.8.1)
      slop (~> 3.4)
    rake (10.5.0)
    rspec (3.4.0)
      rspec-core (~> 3.4.0)
      rspec-expectations (~> 3.4.0)
      rspec-mocks (~> 3.4.0)
    rspec-core (3.4.4)
      rspec-support (~> 3.4.0)
    rspec-expectations (3.4.0)
      diff-lcs (>= 1.2.0, < 2.0)
      rspec-support (~> 3.4.0)
    rspec-mocks (3.4.1)
      diff-lcs (>= 1.2.0, < 2.0)
      rspec-support (~> 3.4.0)
    rspec-support (3.4.1)
    slop (3.6.0)

PLATFORMS
  ruby

DEPENDENCIES
  bundler (~> 1.7)
  pry
  pushwagner!
  rake (~> 10.1)
  rspec

BUNDLED WITH
   1.12.2
