PATH
  remote: .
  specs:
    pushwagner (0.0.1)
      net-scp
      net-ssh
      nokogiri (~> 1.5)

GEM
  remote: http://rubygems.org/
  specs:
    coderay (1.0.8)
    diff-lcs (1.1.3)
    method_source (0.8.1)
    net-scp (1.0.4)
      net-ssh (>= 1.99.1)
    net-ssh (2.6.1)
    nokogiri (1.5.5)
    pry (0.9.10)
      coderay (~> 1.0.5)
      method_source (~> 0.8)
      slop (~> 3.3.1)
    rake (0.9.5)
    rspec (2.12.0)
      rspec-core (~> 2.12.0)
      rspec-expectations (~> 2.12.0)
      rspec-mocks (~> 2.12.0)
    rspec-core (2.12.0)
    rspec-expectations (2.12.0)
      diff-lcs (~> 1.1.3)
    rspec-mocks (2.12.0)
    slop (3.3.3)

PLATFORMS
  ruby

DEPENDENCIES
  bundler (~> 1.0)
  pry
  pushwagner!
  rake (~> 0.9)
  rspec (~> 2.11)
